PATH
  remote: .
  specs:
    ru_translit (0.0.2)

GEM
  remote: http://rubygems.org/
  specs:

PLATFORMS
  ruby

DEPENDENCIES
  ru_translit!
